GIT
  remote: https://github.com/teritorio/overpass_parser-rb.git
  revision: 0937495e2eba50ff1a3b4c1f42541fbb41814ec7
  specs:
    overpass_parser (1.0.0)
      rice (~> 4.0)
      sorbet-struct-comparable (~> 1.3.0)

GEM
  remote: https://rubygems.org/
  specs:
    ast (2.4.2)
    erubi (1.12.0)
    hanami-api (0.3.0)
      hanami-router (~> 2.0)
    hanami-router (2.1.0)
      mustermann (~> 3.0)
      mustermann-contrib (~> 3.0)
      rack (~> 2.0)
    hansi (0.2.1)
    json (2.7.2)
    language_server-protocol (3.17.0.3)
    minitest (5.22.3)
    mustermann (3.0.0)
      ruby2_keywords (~> 0.0.1)
    mustermann-contrib (3.0.0)
      hansi (~> 0.2.0)
      mustermann (= 3.0.0)
    netrc (0.11.0)
    nio4r (2.7.1)
    parallel (1.24.0)
    parser (3.3.0.5)
      ast (~> 2.4.1)
      racc
    pg (1.5.6)
    power_assert (2.0.3)
    prism (0.24.0)
    psych (5.1.2)
      stringio
    puma (6.4.2)
      nio4r (~> 2.0)
    racc (1.7.3)
    rack (2.2.9)
    rainbow (3.1.1)
    rake (13.2.1)
    rbi (0.1.11)
      prism (>= 0.18.0, < 0.27)
      sorbet-runtime (>= 0.5.9204)
    regexp_parser (2.9.0)
    rexml (3.2.6)
    rice (4.3.1)
    rubocop (1.63.2)
      json (~> 2.3)
      language_server-protocol (>= 3.17.0)
      parallel (~> 1.10)
      parser (>= 3.3.0.2)
      rainbow (>= 2.2.2, < 4.0)
      regexp_parser (>= 1.8, < 3.0)
      rexml (>= 3.2.5, < 4.0)
      rubocop-ast (>= 1.31.1, < 2.0)
      ruby-progressbar (~> 1.7)
      unicode-display_width (>= 2.4.0, < 3.0)
    rubocop-ast (1.31.2)
      parser (>= 3.3.0.4)
    rubocop-rake (0.6.0)
      rubocop (~> 1.0)
    ruby-lsp (0.16.4)
      language_server-protocol (~> 3.17.0)
      prism (>= 0.22.0, < 0.25)
      sorbet-runtime (>= 0.5.10782)
    ruby-progressbar (1.13.0)
    ruby2_keywords (0.0.5)
    sorbet (0.5.11352)
      sorbet-static (= 0.5.11352)
    sorbet-runtime (0.5.11352)
    sorbet-static (0.5.11352-aarch64-linux)
    sorbet-static (0.5.11352-universal-darwin)
    sorbet-static (0.5.11352-x86_64-linux)
    sorbet-static-and-runtime (0.5.11352)
      sorbet (= 0.5.11352)
      sorbet-runtime (= 0.5.11352)
    sorbet-struct-comparable (1.3.0)
      sorbet-runtime (>= 0.5)
    spoom (1.3.0)
      erubi (>= 1.10.0)
      prism (>= 0.19.0)
      sorbet-static-and-runtime (>= 0.5.10187)
      thor (>= 0.19.2)
    stringio (3.1.0)
    tapioca (0.13.3)
      bundler (>= 2.2.25)
      netrc (>= 0.11.0)
      parallel (>= 1.21.0)
      rbi (>= 0.1.4, < 0.2)
      sorbet-static-and-runtime (>= 0.5.11087)
      spoom (>= 1.2.0)
      thor (>= 1.2.0)
      yard-sorbet
    test-unit (3.6.2)
      power_assert
    thor (1.3.1)
    unicode-display_width (2.5.0)
    yard (0.9.36)
    yard-sorbet (0.8.1)
      sorbet-runtime (>= 0.5)
      yard (>= 0.9)

PLATFORMS
  aarch64-linux
  universal-darwin
  x86_64-linux

DEPENDENCIES
  hanami-api
  minitest
  overpass_parser!
  pg
  psych
  puma (~> 6.0)
  racc
  rake
  rbi
  rubocop
  rubocop-rake
  ruby-lsp
  sorbet
  sorbet-runtime
  tapioca
  test-unit

RUBY VERSION
   ruby 3.0.6p216

BUNDLED WITH
   2.5.4
